GEM
  remote: https://rubygems.org/
  specs:
    activesupport (4.2.4)
      i18n (~> 0.7)
      json (~> 1.7, >= 1.7.7)
      minitest (~> 5.1)
      thread_safe (~> 0.3, >= 0.3.4)
      tzinfo (~> 1.1)
    albacore (2.5.4)
      map (~> 6.5)
      nokogiri (~> 1.5)
      rake (~> 10)
      semver2 (~> 3.4)
    git (1.2.9.1)
    i18n (0.7.0)
    jira-ruby (0.1.14)
      activesupport
      oauth (~> 0.4.7)
    json (1.8.3)
    map (6.5.5)
    mini_portile (0.6.2)
    minitest (5.8.0)
    nokogiri (1.6.6.2-x64-mingw32)
      mini_portile (~> 0.6.0)
    nokogiri (1.6.6.2-x86-mingw32)
      mini_portile (~> 0.6.0)
    oauth (0.4.7)
    rake (10.4.2)
    semver2 (3.4.2)
    thread_safe (0.3.5)
    tzinfo (1.2.2)
      thread_safe (~> 0.1)

PLATFORMS
  x64-mingw32
  x86-mingw32

DEPENDENCIES
  albacore
  git
  jira-ruby
  rake

BUNDLED WITH
   1.10.6
